PATH
  remote: .
  specs:
    fzy (0.2.0)

GEM
  remote: https://rubygems.org/
  specs:
    minitest (5.25.4)
    rake (13.2.1)
    rake-compiler (1.2.8)
      rake

PLATFORMS
  arm64-darwin-23
  ruby

DEPENDENCIES
  bundler
  fzy!
  minitest
  rake
  rake-compiler

BUNDLED WITH
   2.5.17
