PATH
  remote: .
  specs:
    fzy (0.1.0)

GEM
  remote: https://rubygems.org/
  specs:
    minitest (5.13.0)
    rake (13.0.1)
    rake-compiler (1.0.8)
      rake

PLATFORMS
  ruby

DEPENDENCIES
  bundler (~> 1.17)
  fzy!
  minitest
  rake (~> 13.0)
  rake-compiler

BUNDLED WITH
   1.17.3
